GEM
  remote: https://rubygems.org/
  specs:
    activesupport (5.0.0)
      concurrent-ruby (~> 1.0, >= 1.0.2)
      i18n (~> 0.7)
      minitest (~> 5.1)
      tzinfo (~> 1.1)
    aws-sdk (2.2.31)
      aws-sdk-resources (= 2.2.31)
    aws-sdk-core (2.2.31)
      jmespath (~> 1.0)
    aws-sdk-resources (2.2.31)
      aws-sdk-core (= 2.2.31)
    aws-sdk-utils (0.0.23)
      aws-sdk (= 2.2.31)
      cfndsl (= 0.4.0)
      trollop (= 2.1.2)
    aws_config (0.0.4)
    awsecrets (1.3.0)
      aws-sdk (>= 2.2.7, < 2.4)
      aws_config (= 0.0.4)
    awspec (0.47.0)
      activesupport
      aws-sdk (~> 2.2)
      awsecrets (~> 1)
      rspec (~> 3.0)
      rspec-its
      term-ansicolor
      thor
    cfn-nag (0.0.19)
      logging (= 2.0.0)
      trollop (= 2.1.2)
    cfndsl (0.4.0)
    concurrent-ruby (1.0.2)
    diff-lcs (1.2.5)
    i18n (0.7.0)
    jmespath (1.3.1)
    little-plugger (1.1.4)
    logging (2.0.0)
      little-plugger (~> 1.1)
      multi_json (~> 1.10)
    minitest (5.9.0)
    multi_json (1.12.1)
    rspec (3.5.0)
      rspec-core (~> 3.5.0)
      rspec-expectations (~> 3.5.0)
      rspec-mocks (~> 3.5.0)
    rspec-core (3.5.1)
      rspec-support (~> 3.5.0)
    rspec-expectations (3.5.0)
      diff-lcs (>= 1.2.0, < 2.0)
      rspec-support (~> 3.5.0)
    rspec-its (1.2.0)
      rspec-core (>= 3.0.0)
      rspec-expectations (>= 3.0.0)
    rspec-mocks (3.5.0)
      diff-lcs (>= 1.2.0, < 2.0)
      rspec-support (~> 3.5.0)
    rspec-support (3.5.0)
    term-ansicolor (1.3.2)
      tins (~> 1.0)
    thor (0.19.1)
    thread_safe (0.3.5)
    tins (1.11.0)
    trollop (2.1.2)
    tzinfo (1.2.2)
      thread_safe (~> 0.1)

PLATFORMS
  ruby

DEPENDENCIES
  aws-sdk-utils
  awspec
  cfn-nag
  rspec

BUNDLED WITH
   1.12.5
